GENERATE-LOAD-SCRIPTS: ON
NUGET
  remote: https://www.nuget.org/api/v2
    EntityFramework (6.2) - restriction: >= net40
    FSharp.Core (4.3.4) - restriction: || (>= net45) (>= netstandard2.0)
    FSharp.Data (3.0.0-beta3)
      FSharp.Core (>= 4.0.0.1) - restriction: >= net45
      FSharp.Core (>= 4.3.4) - restriction: && (< net45) (>= netstandard2.0)
    Newtonsoft.Json (11.0.2) - restriction: && (< net35) (>= netstandard2.0)
    Selenium.Support (3.11.2)
      Selenium.WebDriver (>= 3.11.2) - restriction: || (&& (>= net35) (< net40) (< netstandard2.0)) (&& (< net35) (>= netstandard2.0)) (&& (>= net40) (< netstandard2.0)) (>= net45)
    Selenium.WebDriver (3.11.2)
      Newtonsoft.Json (>= 10.0.3) - restriction: && (< net35) (>= netstandard2.0)
    System.Data.SQLite (1.0.108)
      System.Data.SQLite.Core (>= 1.0.108) - restriction: >= net20
      System.Data.SQLite.EF6 (>= 1.0.108) - restriction: >= net40
      System.Data.SQLite.Linq (>= 1.0.108) - restriction: >= net20
    System.Data.SQLite.Core (1.0.108) - restriction: >= net20
    System.Data.SQLite.EF6 (1.0.108) - restriction: >= net40
      EntityFramework (>= 6.0) - restriction: >= net40
    System.Data.SQLite.Linq (1.0.108) - restriction: >= net20
